GEM
  remote: https://rubygems.org/
  specs:
    bitters (0.10.1)
      bourbon (>= 3.2)
      sass (>= 3.2)
      thor
    bourbon (4.1.0)
      sass (~> 3.3)
      thor
    coffee-script-source (1.8.0)
    dotenv (1.0.2)
    foreman (0.77.0)
      dotenv (~> 1.0.2)
      thor (~> 0.19.1)
    neat (1.7.1)
      bourbon (>= 4.0)
      sass (>= 3.3)
    sass (3.4.9)
    thor (0.19.1)

PLATFORMS
  ruby

DEPENDENCIES
  bitters (~> 0.10.1)
  bourbon (~> 4.1.0)
  coffee-script-source (~> 1.8.0)
  foreman (~> 0.77.0)
  neat (~> 1.7.1)
  sass (~> 3.4.9)
